STORAGE: NONE
RESTRICTION: || (== net50) (== netcoreapp3.1) (== netstandard2.0) (== netstandard2.1)
NUGET
  remote: https://api.nuget.org/v3/index.json
    FSharp.Core (5.0)
    FSharp.Json (0.4)
      FSharp.Core (>= 4.6.2)
    NLog (4.7.6)
    Suave (2.6)
      FSharp.Core  - restriction: || (== net50) (== netcoreapp3.1) (&& (== netstandard2.0) (>= netstandard2.1)) (== netstandard2.1)
