STORAGE: NONE
RESTRICTION: == net6.0
NUGET
  remote: https://api.nuget.org/v3/index.json
    FSharp.Core (8.0.300)
    FSharp.Json (0.4.1)
      FSharp.Core (>= 4.6.2)
    NLog (5.3.2)
    Suave (2.6.2)
      FSharp.Core
