STORAGE: NONE
RESTRICTION: == net50
NUGET
  remote: https://api.nuget.org/v3/index.json
    FSharp.Core (5.0)
    FSharp.Json (0.4)
      FSharp.Core (>= 4.6.2)
    NLog (4.7.6)
    Suave (2.6)
      FSharp.Core
