STORAGE: NONE
RESTRICTION: == net6.0
NUGET
  remote: https://api.nuget.org/v3/index.json
    FSharp.Core (6.0.1)
    FSharp.Json (0.4.1)
      FSharp.Core (>= 4.6.2)
    NLog (4.7.13)
    Suave (2.6.2)
      FSharp.Core
