RESTRICTION: == net6.0
NUGET
  remote: https://api.nuget.org/v3/index.json
    FSharp.Core (8.0.300)
    FSharp.Json (0.4.1)
      FSharp.Core (>= 4.6.2)
    FsPickler (5.3.2)
      FSharp.Core (>= 4.3.2)
      System.Reflection.Emit.Lightweight (>= 4.3)
    Suave (2.6.2)
      FSharp.Core
    System.Reflection.Emit.Lightweight (4.7)
