RESTRICTION: || (== netcoreapp3.1) (== netstandard2.0) (== netstandard2.1)
NUGET
  remote: https://api.nuget.org/v3/index.json
    FSharp.Core (4.7)
    FSharp.Json (0.4)
      FSharp.Core (>= 4.6.2)
    Suave (2.5.6)
      FSharp.Core (>= 4.3.4)
